GIT
  remote: https://github.com/elct9620/hanami-lambda.git
  revision: 0339d14d7f9fe71c8e43b3769612044213d76a9e
  branch: main
  specs:
    hanami-lambda (0.2.0)
      dry-inflector (~> 1.0)
      dry-struct (~> 1.0)
      hanami (~> 2.0)
      hanami-utils (~> 2.0)
      zeitwerk (~> 2.6)

GEM
  remote: https://rubygems.org/
  specs:
    addressable (2.8.7)
      public_suffix (>= 2.0.2, < 7.0)
    ast (2.4.2)
    async (2.8.0)
      console (~> 1.10)
      fiber-annotation
      io-event (~> 1.1)
      timers (~> 4.1)
    async-http (0.62.0)
      async (>= 1.25)
      async-io (>= 1.28)
      async-pool (>= 0.2)
      protocol-http (~> 0.25.0)
      protocol-http1 (~> 0.16.0)
      protocol-http2 (~> 0.15.0)
      traces (>= 0.10.0)
    async-io (1.41.0)
      async
    async-pool (0.4.0)
      async (>= 1.25)
    base64 (0.2.0)
    bigdecimal (3.1.6)
    builder (3.2.4)
    capybara (3.39.2)
      addressable
      matrix
      mini_mime (>= 0.1.3)
      nokogiri (~> 1.8)
      rack (>= 1.6.0)
      rack-test (>= 0.6.3)
      regexp_parser (>= 1.5, < 3.0)
      xpath (~> 3.2)
    coderay (1.1.3)
    concurrent-ruby (1.3.3)
    console (1.23.3)
      fiber-annotation
      fiber-local
    crass (1.0.6)
    cucumber (9.1.2)
      builder (~> 3.2, >= 3.2.4)
      cucumber-ci-environment (~> 9.2, >= 9.2.0)
      cucumber-core (~> 12.0)
      cucumber-cucumber-expressions (~> 17.0)
      cucumber-gherkin (> 24, < 27)
      cucumber-html-formatter (> 20.3, < 22)
      cucumber-messages (> 19, < 25)
      diff-lcs (~> 1.5)
      mini_mime (~> 1.1, >= 1.1.5)
      multi_test (~> 1.1, >= 1.1.0)
      sys-uname (~> 1.2, >= 1.2.3)
    cucumber-ci-environment (9.2.0)
    cucumber-core (12.0.0)
      cucumber-gherkin (>= 25, < 27)
      cucumber-messages (>= 20, < 23)
      cucumber-tag-expressions (~> 5.0, >= 5.0.4)
    cucumber-cucumber-expressions (17.0.1)
    cucumber-gherkin (26.2.0)
      cucumber-messages (>= 19.1.4, < 22.1)
    cucumber-html-formatter (21.2.0)
      cucumber-messages (> 19, < 25)
    cucumber-messages (22.0.0)
    cucumber-tag-expressions (5.0.6)
    declarative (0.0.20)
    diff-lcs (1.5.0)
    dotenv (2.8.1)
    dry-auto_inject (1.0.1)
      dry-core (~> 1.0)
      zeitwerk (~> 2.6)
    dry-cli (1.1.0)
    dry-configurable (1.1.0)
      dry-core (~> 1.0, < 2)
      zeitwerk (~> 2.6)
    dry-core (1.0.1)
      concurrent-ruby (~> 1.0)
      zeitwerk (~> 2.6)
    dry-events (1.0.1)
      concurrent-ruby (~> 1.0)
      dry-core (~> 1.0, < 2)
    dry-files (1.1.0)
    dry-inflector (1.1.0)
    dry-initializer (3.1.1)
    dry-logger (1.0.4)
    dry-logic (1.5.0)
      concurrent-ruby (~> 1.0)
      dry-core (~> 1.0, < 2)
      zeitwerk (~> 2.6)
    dry-monitor (1.0.1)
      dry-configurable (~> 1.0, < 2)
      dry-core (~> 1.0, < 2)
      dry-events (~> 1.0, < 2)
    dry-schema (1.13.3)
      concurrent-ruby (~> 1.0)
      dry-configurable (~> 1.0, >= 1.0.1)
      dry-core (~> 1.0, < 2)
      dry-initializer (~> 3.0)
      dry-logic (>= 1.4, < 2)
      dry-types (>= 1.7, < 2)
      zeitwerk (~> 2.6)
    dry-struct (1.6.0)
      dry-core (~> 1.0, < 2)
      dry-types (>= 1.7, < 2)
      ice_nine (~> 0.11)
      zeitwerk (~> 2.6)
    dry-system (1.0.1)
      dry-auto_inject (~> 1.0, < 2)
      dry-configurable (~> 1.0, < 2)
      dry-core (~> 1.0, < 2)
      dry-inflector (~> 1.0, < 2)
    dry-transformer (1.0.1)
      zeitwerk (~> 2.6)
    dry-types (1.7.2)
      bigdecimal (~> 3.0)
      concurrent-ruby (~> 1.0)
      dry-core (~> 1.0)
      dry-inflector (~> 1.0)
      dry-logic (~> 1.4)
      zeitwerk (~> 2.6)
    dry-validation (1.10.0)
      concurrent-ruby (~> 1.0)
      dry-core (~> 1.0, < 2)
      dry-initializer (~> 3.0)
      dry-schema (>= 1.12, < 2)
      zeitwerk (~> 2.6)
    event_stream_parser (1.0.0)
    faraday (2.8.1)
      base64
      faraday-net_http (>= 2.0, < 3.1)
      ruby2_keywords (>= 0.0.4)
    faraday-multipart (1.0.4)
      multipart-post (~> 2)
    faraday-net_http (3.0.2)
    feedjira (3.2.3)
      loofah (>= 2.3.1, < 3)
      sax-machine (>= 1.0, < 2)
    ffi (1.16.3)
    fiber-annotation (0.2.0)
    fiber-local (1.0.0)
    formatador (1.1.0)
    google-apis-core (0.13.0)
      addressable (~> 2.5, >= 2.5.1)
      googleauth (~> 1.9)
      httpclient (>= 2.8.1, < 3.a)
      mini_mime (~> 1.0)
      representable (~> 3.0)
      retriable (>= 2.0, < 4.a)
      rexml
    google-apis-sheets_v4 (0.2.0)
      google-apis-core (~> 0.1)
    google-cloud-env (2.1.1)
      faraday (>= 1.0, < 3.a)
    googleauth (1.11.0)
      faraday (>= 1.0, < 3.a)
      google-cloud-env (~> 2.1)
      jwt (>= 1.4, < 3.0)
      multi_json (~> 1.11)
      os (>= 0.9, < 2.0)
      signet (>= 0.16, < 2.a)
    guard (2.18.1)
      formatador (>= 0.2.4)
      listen (>= 2.7, < 4.0)
      lumberjack (>= 1.0.12, < 2.0)
      nenv (~> 0.1)
      notiffany (~> 0.0)
      pry (>= 0.13.0)
      shellany (~> 0.0)
      thor (>= 0.18.1)
    guard-compat (1.2.1)
    guard-puma (0.8.1)
      guard (~> 2.14)
      guard-compat (~> 1.2)
      puma (>= 4.0, < 7)
    hanami (2.1.1)
      bundler (>= 1.16, < 3)
      dry-configurable (~> 1.0, < 2)
      dry-core (~> 1.0, < 2)
      dry-inflector (~> 1.0, < 2)
      dry-logger (~> 1.0, < 2)
      dry-monitor (~> 1.0, >= 1.0.1, < 2)
      dry-system (~> 1.0, < 2)
      hanami-cli (~> 2.1)
      hanami-utils (~> 2.1)
      zeitwerk (~> 2.6)
    hanami-cli (2.1.1)
      bundler (~> 2.1)
      dry-cli (~> 1.0, < 2)
      dry-files (~> 1.0, >= 1.0.2, < 2)
      dry-inflector (~> 1.0, < 2)
      rake (~> 13.0)
      zeitwerk (~> 2.6)
    hanami-controller (2.0.2)
      dry-configurable (~> 1.0, < 2)
      dry-core (~> 1.0)
      hanami-utils (~> 2.0)
      rack (~> 2.0)
      zeitwerk (~> 2.6)
    hanami-cucumber (0.1.0)
      cucumber (~> 9.0)
      hanami-cli (~> 2.0)
      rake (~> 13.0)
      zeitwerk (~> 2.6)
    hanami-reloader (2.0.2)
      hanami-cli (~> 2.0)
      zeitwerk (~> 2.6)
    hanami-router (2.1.0)
      mustermann (~> 3.0)
      mustermann-contrib (~> 3.0)
      rack (~> 2.0)
    hanami-rspec (2.0.1)
      hanami-cli (~> 2.0)
      rake (~> 13.0)
      rspec (~> 3.12)
      zeitwerk (~> 2.6)
    hanami-utils (2.1.0)
      concurrent-ruby (~> 1.0)
      dry-core (~> 1.0, < 2)
      dry-transformer (~> 1.0, < 2)
    hanami-validations (2.0.1)
      dry-validation (>= 1.10, < 2)
      zeitwerk (~> 2.6.0)
    hansi (0.2.1)
    httpclient (2.8.3)
    ice_nine (0.11.2)
    io-event (1.4.2)
    json (2.7.1)
    jwt (2.8.2)
      base64
    language_server-protocol (3.17.0.3)
    listen (3.8.0)
      rb-fsevent (~> 0.10, >= 0.10.3)
      rb-inotify (~> 0.9, >= 0.9.10)
    loofah (2.22.0)
      crass (~> 1.0.2)
      nokogiri (>= 1.12.0)
    lumberjack (1.2.10)
    matrix (0.4.2)
    method_source (1.0.0)
    mini_mime (1.1.5)
    mini_portile2 (2.8.7)
    multi_json (1.15.0)
    multi_test (1.1.0)
    multipart-post (2.4.1)
    mustermann (3.0.0)
      ruby2_keywords (~> 0.0.1)
    mustermann-contrib (3.0.0)
      hansi (~> 0.2.0)
      mustermann (= 3.0.0)
    nenv (0.3.0)
    nio4r (2.7.0)
    nokogiri (1.16.6)
      mini_portile2 (~> 2.8.2)
      racc (~> 1.4)
    nokogiri (1.16.6-arm64-darwin)
      racc (~> 1.4)
    notiffany (0.1.3)
      nenv (~> 0.1)
      shellany (~> 0.0)
    os (1.1.4)
    parallel (1.24.0)
    parser (3.3.0.5)
      ast (~> 2.4.1)
      racc
    prism (0.19.0)
    protocol-hpack (1.4.2)
    protocol-http (0.25.0)
    protocol-http1 (0.16.1)
      protocol-http (~> 0.22)
    protocol-http2 (0.15.1)
      protocol-hpack (~> 1.4)
      protocol-http (~> 0.18)
    pry (0.14.2)
      coderay (~> 1.1)
      method_source (~> 1.0)
    public_suffix (6.0.0)
    puma (6.4.2)
      nio4r (~> 2.0)
    racc (1.8.0)
    rack (2.2.9)
    rack-test (2.1.0)
      rack (>= 1.3)
    rainbow (3.1.1)
    rake (13.1.0)
    rb-fsevent (0.11.2)
    rb-inotify (0.10.1)
      ffi (~> 1.0)
    regexp_parser (2.9.0)
    representable (3.2.0)
      declarative (< 0.1.0)
      trailblazer-option (>= 0.1.1, < 0.2.0)
      uber (< 0.2.0)
    retriable (3.1.2)
    rexml (3.3.2)
      strscan
    rspec (3.12.0)
      rspec-core (~> 3.12.0)
      rspec-expectations (~> 3.12.0)
      rspec-mocks (~> 3.12.0)
    rspec-core (3.12.2)
      rspec-support (~> 3.12.0)
    rspec-expectations (3.12.3)
      diff-lcs (>= 1.2.0, < 2.0)
      rspec-support (~> 3.12.0)
    rspec-mocks (3.12.6)
      diff-lcs (>= 1.2.0, < 2.0)
      rspec-support (~> 3.12.0)
    rspec-support (3.12.1)
    rubocop (1.60.2)
      json (~> 2.3)
      language_server-protocol (>= 3.17.0)
      parallel (~> 1.10)
      parser (>= 3.3.0.2)
      rainbow (>= 2.2.2, < 4.0)
      regexp_parser (>= 1.8, < 3.0)
      rexml (>= 3.2.5, < 4.0)
      rubocop-ast (>= 1.30.0, < 2.0)
      ruby-progressbar (~> 1.7)
      unicode-display_width (>= 2.4.0, < 3.0)
    rubocop-ast (1.30.0)
      parser (>= 3.2.1.0)
    ruby-lsp (0.13.4)
      language_server-protocol (~> 3.17.0)
      prism (>= 0.19.0, < 0.20)
      sorbet-runtime (>= 0.5.10782)
    ruby-openai (7.1.0)
      event_stream_parser (>= 0.3.0, < 2.0.0)
      faraday (>= 1)
      faraday-multipart (>= 1)
    ruby-progressbar (1.13.0)
    ruby2_keywords (0.0.5)
    rubyzip (2.3.2)
    sax-machine (1.3.2)
    selenium-webdriver (4.17.0)
      base64 (~> 0.2)
      rexml (~> 3.2, >= 3.2.5)
      rubyzip (>= 1.2.2, < 3.0)
      websocket (~> 1.0)
    shellany (0.0.1)
    signet (0.19.0)
      addressable (~> 2.8)
      faraday (>= 0.17.5, < 3.a)
      jwt (>= 1.5, < 3.0)
      multi_json (~> 1.10)
    sorbet-runtime (0.5.11218)
    strscan (3.1.0)
    sys-uname (1.2.3)
      ffi (~> 1.1)
    telegram-bot-ruby (2.0.0)
      dry-struct (~> 1.6)
      faraday (~> 2.0)
      faraday-multipart (~> 1.0)
      zeitwerk (~> 2.6)
    thor (1.3.0)
    timers (4.3.5)
    traces (0.11.1)
    trailblazer-option (0.1.2)
    uber (0.1.0)
    unicode-display_width (2.5.0)
    websocket (1.2.10)
    xpath (3.2.0)
      nokogiri (~> 1.8)
    zeitwerk (2.6.16)

PLATFORMS
  arm64-darwin-23
  ruby

DEPENDENCIES
  async-http
  capybara
  dotenv
  dry-configurable (~> 1.0)
  dry-types (~> 1.0)
  faraday (~> 2.8.1)
  feedjira
  google-apis-sheets_v4 (~> 0.2.0)
  googleauth
  guard-puma (~> 0.8)
  hanami (~> 2.1)
  hanami-controller (~> 2.0)
  hanami-cucumber
  hanami-lambda!
  hanami-reloader
  hanami-router (~> 2.1)
  hanami-rspec
  hanami-validations (~> 2.0)
  puma
  rack-test
  rake
  rubocop
  ruby-lsp
  ruby-openai
  selenium-webdriver
  telegram-bot-ruby

RUBY VERSION
   ruby 3.2.3p157

BUNDLED WITH
   2.5.3
